GEM
  remote: http://rubygems.org/
  specs:
    chunky_png (1.2.6)
    compass (0.12.2)
      chunky_png (~> 1.2)
      fssm (>= 0.2.7)
      sass (~> 3.1)
    fssm (0.2.9)
    haml (3.1.7)
    hike (1.2.1)
    modular-scale (1.0.2)
      compass (>= 0.11.5)
      sassy-math (>= 1.2)
    multi_json (1.3.6)
    rack (1.4.1)
    rake (0.9.2.2)
    sass (3.2.1)
    sassy-math (1.2)
      compass (~> 0.11)
    sprockets (2.8.0)
      hike (~> 1.2)
      multi_json (~> 1.0)
      rack (~> 1.0)
      tilt (~> 1.1, != 1.3.0)
    sprockets-sass (0.9.1)
      sprockets (~> 2.0)
      tilt (~> 1.1)
    tilt (1.3.3)
    zurb-foundation (3.1.1)
      compass (>= 0.12.2)
      modular-scale (>= 1.0.2)
      rake
      sass (>= 3.2.0)

PLATFORMS
  ruby

DEPENDENCIES
  haml
  rake
  sprockets
  sprockets-sass
  zurb-foundation
