GEM
  remote: http://rubygems.org/
  specs:
    haml (3.1.7)
    hike (1.2.1)
    multi_json (1.3.6)
    rack (1.4.1)
    rake (0.9.2.2)
    sprockets (2.8.0)
      hike (~> 1.2)
      multi_json (~> 1.0)
      rack (~> 1.0)
      tilt (~> 1.1, != 1.3.0)
    sprockets-sass (0.9.1)
      sprockets (~> 2.0)
      tilt (~> 1.1)
    tilt (1.3.3)

PLATFORMS
  ruby

DEPENDENCIES
  haml
  rake
  sprockets
  sprockets-sass
